GIT
  remote: git://github.com/catprintlabs/react.rb.git
  revision: 8683973c894319140cd40ab95144ff5639633065
  ref: 8683973c894319140cd40ab95144ff5639633065
  branch: opal-0.8
  specs:
    opal-react (0.0.2)
      opal
      opal-activesupport

GIT
  remote: git://github.com/opal/opal-jquery.git
  revision: 7b5c300533641e08de503e06e0d1ac40c024f2a3
  ref: 7b5c300533641e08de503e06e0d1ac40c024f2a3
  specs:
    opal-jquery (0.3.0)
      opal (>= 0.7.0, < 0.9.0)

GIT
  remote: git://github.com/opal/opal-rails.git
  revision: dcbf30439b146af5c943d30a33e3308759ea554e
  tag: dcbf30439b146af5c943d30a33e3308759ea554e
  specs:
    opal-rails (0.7.1)
      jquery-rails
      opal (~> 0.8.0.beta)
      opal-activesupport (>= 0.0.5)
      opal-jquery (~> 0.3.0)
      opal-rspec (~> 0.4.2)
      rails (>= 3.2, < 5.0)

GIT
  remote: git://github.com/opal/opal-rspec.git
  revision: e2290d56ff5147e5a2b96258ef5bdc2b54a9e6af
  ref: e2290d56ff5147e5a2b96258ef5bdc2b54a9e6af
  specs:
    opal-rspec (0.4.2)
      opal (>= 0.7.0, < 0.9)

GEM
  remote: https://rubygems.org/
  specs:
    actionmailer (4.2.1)
      actionpack (= 4.2.1)
      actionview (= 4.2.1)
      activejob (= 4.2.1)
      mail (~> 2.5, >= 2.5.4)
      rails-dom-testing (~> 1.0, >= 1.0.5)
    actionpack (4.2.1)
      actionview (= 4.2.1)
      activesupport (= 4.2.1)
      rack (~> 1.6)
      rack-test (~> 0.6.2)
      rails-dom-testing (~> 1.0, >= 1.0.5)
      rails-html-sanitizer (~> 1.0, >= 1.0.1)
    actionview (4.2.1)
      activesupport (= 4.2.1)
      builder (~> 3.1)
      erubis (~> 2.7.0)
      rails-dom-testing (~> 1.0, >= 1.0.5)
      rails-html-sanitizer (~> 1.0, >= 1.0.1)
    activejob (4.2.1)
      activesupport (= 4.2.1)
      globalid (>= 0.3.0)
    activemodel (4.2.1)
      activesupport (= 4.2.1)
      builder (~> 3.1)
    activerecord (4.2.1)
      activemodel (= 4.2.1)
      activesupport (= 4.2.1)
      arel (~> 6.0)
    activesupport (4.2.1)
      i18n (~> 0.7)
      json (~> 1.7, >= 1.7.7)
      minitest (~> 5.1)
      thread_safe (~> 0.3, >= 0.3.4)
      tzinfo (~> 1.1)
    arel (6.0.0)
    binding_of_caller (0.7.2)
      debug_inspector (>= 0.0.1)
    builder (3.2.2)
    byebug (5.0.0)
      columnize (= 0.9.0)
    coffee-rails (4.1.0)
      coffee-script (>= 2.2.0)
      railties (>= 4.0.0, < 5.0)
    coffee-script (2.4.1)
      coffee-script-source
      execjs
    coffee-script-source (1.9.1.1)
    columnize (0.9.0)
    debug_inspector (0.0.2)
    erubis (2.7.0)
    execjs (2.5.2)
    globalid (0.3.5)
      activesupport (>= 4.1.0)
    hike (1.2.3)
    i18n (0.7.0)
    jbuilder (2.2.16)
      activesupport (>= 3.0.0, < 5)
      multi_json (~> 1.2)
    jquery-rails (4.0.3)
      rails-dom-testing (~> 1.0)
      railties (>= 4.2.0)
      thor (>= 0.14, < 2.0)
    json (1.8.3)
    loofah (2.0.2)
      nokogiri (>= 1.5.9)
    mail (2.6.3)
      mime-types (>= 1.16, < 3)
    mime-types (2.6.1)
    mini_portile (0.6.2)
    minitest (5.7.0)
    multi_json (1.11.0)
    nokogiri (1.6.6.2)
      mini_portile (~> 0.6.0)
    opal (0.8.0.rc1)
      hike (~> 1.2)
      sourcemap (~> 0.1.0)
      sprockets (~> 3.1)
      tilt (>= 1.4)
    opal-activesupport (0.1.0)
      opal (>= 0.5.0, < 1.0.0)
    rack (1.6.1)
    rack-test (0.6.3)
      rack (>= 1.0)
    rails (4.2.1)
      actionmailer (= 4.2.1)
      actionpack (= 4.2.1)
      actionview (= 4.2.1)
      activejob (= 4.2.1)
      activemodel (= 4.2.1)
      activerecord (= 4.2.1)
      activesupport (= 4.2.1)
      bundler (>= 1.3.0, < 2.0)
      railties (= 4.2.1)
      sprockets-rails
    rails-deprecated_sanitizer (1.0.3)
      activesupport (>= 4.2.0.alpha)
    rails-dom-testing (1.0.6)
      activesupport (>= 4.2.0.beta, < 5.0)
      nokogiri (~> 1.6.0)
      rails-deprecated_sanitizer (>= 1.0.1)
    rails-html-sanitizer (1.0.2)
      loofah (~> 2.0)
    railties (4.2.1)
      actionpack (= 4.2.1)
      activesupport (= 4.2.1)
      rake (>= 0.8.7)
      thor (>= 0.18.1, < 2.0)
    rake (10.4.2)
    sass (3.4.14)
    sass-rails (5.0.3)
      railties (>= 4.0.0, < 5.0)
      sass (~> 3.1)
      sprockets (>= 2.8, < 4.0)
      sprockets-rails (>= 2.0, < 4.0)
      tilt (~> 1.1)
    slim (3.0.6)
      temple (~> 0.7.3)
      tilt (>= 1.3.3, < 2.1)
    slim-rails (3.0.1)
      actionmailer (>= 3.1, < 5.0)
      actionpack (>= 3.1, < 5.0)
      activesupport (>= 3.1, < 5.0)
      railties (>= 3.1, < 5.0)
      slim (~> 3.0)
    sourcemap (0.1.1)
    spring (1.3.6)
    sprockets (3.2.0)
      rack (~> 1.0)
    sprockets-rails (2.3.1)
      actionpack (>= 3.0)
      activesupport (>= 3.0)
      sprockets (>= 2.8, < 4.0)
    sqlite3 (1.3.10)
    temple (0.7.6)
    thor (0.19.1)
    thread_safe (0.3.5)
    tilt (1.4.1)
    tzinfo (1.2.2)
      thread_safe (~> 0.1)
    uglifier (2.7.1)
      execjs (>= 0.3.0)
      json (>= 1.8.0)
    web-console (2.1.2)
      activemodel (>= 4.0)
      binding_of_caller (>= 0.7.2)
      railties (>= 4.0)
      sprockets-rails (>= 2.0, < 4.0)

PLATFORMS
  ruby

DEPENDENCIES
  byebug
  coffee-rails (~> 4.1.0)
  jbuilder (~> 2.0)
  jquery-rails (= 4.0.3)
  opal-jquery!
  opal-rails!
  opal-react!
  opal-rspec!
  rails (= 4.2.1)
  sass-rails (= 5.0.3)
  slim-rails (= 3.0.1)
  spring
  sqlite3
  uglifier (>= 1.3.0)
  web-console (~> 2.0)
